GEM
  specs:

PLATFORMS
  x86_64-linux-gnu

DEPENDENCIES

BUNDLED WITH
   2.4.13
